GIT
  remote: https://github.com/thbar/system_bang.git
  revision: 6db2dcfd07989f58ebecbc274a2d5143de5a7aac
  specs:
    system_bang (0.5.0)

GEM
  remote: https://rubygems.org/
  specs:
    awesome_print (1.8.0)
    kiba (2.0.0.rc1)
    kiba-common (0.0.4)
      kiba (>= 1.0.0, < 3)

PLATFORMS
  ruby

DEPENDENCIES
  awesome_print
  kiba (~> 2.0.0.rc1)
  kiba-common
  system_bang!

BUNDLED WITH
   1.16.1
