GIT
  remote: https://github.com/thbar/system_bang.git
  revision: 6db2dcfd07989f58ebecbc274a2d5143de5a7aac
  specs:
    system_bang (0.5.0)

GEM
  remote: https://rubygems.org/
  specs:
    awesome_print (1.8.0)
    kiba (2.0.0)
    kiba-common (0.0.4)
      kiba (>= 1.0.0, < 3)
    minitest (5.11.3)
    minitest-focus (1.1.2)
      minitest (>= 4, < 6)
    rake (12.3.0)

PLATFORMS
  ruby

DEPENDENCIES
  awesome_print
  kiba (= 2.0.0)
  kiba-common
  minitest
  minitest-focus
  rake
  system_bang!

BUNDLED WITH
   1.16.1
